PATH
  remote: .
  specs:
    vine_dl (0.1.0)

GEM
  remote: https://rubygems.org/
  specs:
    rake (10.4.2)

PLATFORMS
  ruby

DEPENDENCIES
  bundler (~> 1.12)
  rake (~> 10.0)
  vine_dl!

BUNDLED WITH
   1.12.5
