PATH
  remote: .
  specs:
    vine_dl (0.1.0)
      vine_client (~> 0.0.7)

GEM
  remote: https://rubygems.org/
  specs:
    dotenv (2.1.1)
    faraday (0.9.2)
      multipart-post (>= 1.2, < 3)
    faraday_middleware (0.10.0)
      faraday (>= 0.7.4, < 0.10)
    hashie (2.1.2)
    minitest (5.9.0)
    multipart-post (2.0.0)
    rake (10.4.2)
    vine_client (0.0.7)
      faraday (~> 0.8)
      faraday_middleware (~> 0.8)

PLATFORMS
  ruby

DEPENDENCIES
  bundler (~> 1.12)
  dotenv (~> 2.1.1)
  hashie (>= 2.0.2, < 3.0.0)
  minitest
  rake (~> 10.0)
  vine_client (~> 0.0.7)
  vine_dl!

BUNDLED WITH
   1.12.5
