GEM
  remote: http://rubygems.org/
  specs:
    dotenv (2.1.1)
    faraday (0.9.2)
      multipart-post (>= 1.2, < 3)
    faraday_middleware (0.10.0)
      faraday (>= 0.7.4, < 0.10)
    multipart-post (2.0.0)
    vine_client (0.0.7)
      faraday (~> 0.8)
      faraday_middleware (~> 0.8)

PLATFORMS
  ruby

DEPENDENCIES
  dotenv
  vine_client

BUNDLED WITH
   1.12.5
